GEM
  remote: https://rubygems.org/
  specs:
    archive-tar-minitar (0.5.2)
    docker-api (1.17.0)
      archive-tar-minitar
      excon (>= 0.38.0)
      json
    excon (0.44.1)
    json (1.8.2)
    redis (3.2.0)

PLATFORMS
  ruby

DEPENDENCIES
  docker-api
  redis
